GEM
  remote: https://rubygems.org/
  specs:
    libcdb-ruby (0.2.1)

PLATFORMS
  ruby

DEPENDENCIES
  libcdb-ruby

BUNDLED WITH
   1.17.2
