GEM
  remote: https://rubygems.org/
  specs:
    rocksdb-ruby (0.2.1)

PLATFORMS
  ruby

DEPENDENCIES
  rocksdb-ruby

BUNDLED WITH
   1.17.2
