GEM
  remote: https://rubygems.org/
  specs:
    dbm (1.0.0)

PLATFORMS
  ruby

DEPENDENCIES
  dbm

BUNDLED WITH
   1.17.2
